PATH
  remote: .
  specs:
    charlock_holmes (0.6.13)

GEM
  remote: http://rubygems.org/
  specs:
    chardet (0.9.0)
    diff-lcs (1.1.2)
    rake (0.9.2)
    rake-compiler (0.7.9)
      rake
    rspec (2.6.0)
      rspec-core (~> 2.6.0)
      rspec-expectations (~> 2.6.0)
      rspec-mocks (~> 2.6.0)
    rspec-core (2.6.4)
    rspec-expectations (2.6.0)
      diff-lcs (~> 1.1.2)
    rspec-mocks (2.6.0)

PLATFORMS
  ruby

DEPENDENCIES
  chardet
  charlock_holmes!
  rake-compiler (>= 0.7.5)
  rspec (>= 2.0.0)
