PATH
  remote: .
  specs:
    charlock_holmes (0.7.3)

GEM
  remote: https://rubygems.org/
  specs:
    chardet (0.9.0)
    minitest (5.3.5)
    rake (0.9.2)
    rake-compiler (0.7.9)
      rake

PLATFORMS
  ruby

DEPENDENCIES
  chardet
  charlock_holmes!
  minitest
  rake-compiler (>= 0.7.5)
