PATH
  remote: .
  specs:
    charlock_holmes (0.6.9.4)

GEM
  remote: http://rubygems.org/
  specs:
    chardet (0.9.0)
    minitest (5.0.5)
    rake (10.1.0)
    rake-compiler (0.8.3)
      rake

PLATFORMS
  ruby

DEPENDENCIES
  chardet
  charlock_holmes!
  minitest
  rake-compiler (>= 0.7.5)
